PATH
  remote: .
  specs:
    cryptopals (0.1.0)

GEM
  remote: https://rubygems.org/
  specs:
    amazing_print (1.3.0)
    ast (2.4.2)
    bindata (2.4.10)
    byebug (11.1.3)
    coderay (1.1.3)
    concurrent-ruby (1.1.9)
    crabstone (4.0.3)
      ffi
    dentaku (3.4.2)
      concurrent-ruby
    diff-lcs (1.4.4)
    elftools (1.1.3)
      bindata (~> 2)
    ffi (1.15.3)
    keystone-engine (0.9.0)
      ffi (~> 1.9)
    method_source (1.0.0)
    one_gadget (1.7.4)
      elftools (>= 1.0.2, < 1.2.0)
    parallel (1.20.1)
    parser (3.0.2.0)
      ast (~> 2.4.1)
    pry (0.14.1)
      coderay (~> 1.1)
      method_source (~> 1.0)
    pry-byebug (3.8.0)
      byebug (~> 11.0)
      pry (~> 0.10)
    pwntools (1.2.1)
      crabstone (~> 4)
      dentaku (>= 2.0.11, < 3.5.0)
      elftools (>= 1.0.1, < 1.2.0)
      keystone-engine (~> 0.9)
      method_source (>= 0.9)
      one_gadget (>= 1.6.2, < 1.8.0)
      rainbow (>= 2.2, < 4.0)
      ruby2ruby (~> 2.4)
      rubyserial (~> 0.5)
    rainbow (3.0.0)
    rake (13.0.6)
    regexp_parser (2.1.1)
    rexml (3.2.5)
    rspec (3.10.0)
      rspec-core (~> 3.10.0)
      rspec-expectations (~> 3.10.0)
      rspec-mocks (~> 3.10.0)
    rspec-core (3.10.1)
      rspec-support (~> 3.10.0)
    rspec-expectations (3.10.1)
      diff-lcs (>= 1.2.0, < 2.0)
      rspec-support (~> 3.10.0)
    rspec-mocks (3.10.2)
      diff-lcs (>= 1.2.0, < 2.0)
      rspec-support (~> 3.10.0)
    rspec-support (3.10.2)
    rubocop (0.93.1)
      parallel (~> 1.10)
      parser (>= 2.7.1.5)
      rainbow (>= 2.2.2, < 4.0)
      regexp_parser (>= 1.8)
      rexml
      rubocop-ast (>= 0.6.0)
      ruby-progressbar (~> 1.7)
      unicode-display_width (>= 1.4.0, < 2.0)
    rubocop-ast (1.7.0)
      parser (>= 3.0.1.1)
    ruby-progressbar (1.11.0)
    ruby2ruby (2.4.4)
      ruby_parser (~> 3.1)
      sexp_processor (~> 4.6)
    ruby_parser (3.17.0)
      sexp_processor (~> 4.15, >= 4.15.1)
    rubyserial (0.6.0)
      ffi (~> 1.9, >= 1.9.3)
    sexp_processor (4.15.3)
    unicode-display_width (1.7.0)

PLATFORMS
  x86_64-darwin-19

DEPENDENCIES
  amazing_print
  cryptopals!
  pry
  pry-byebug
  pwntools
  rake (~> 13.0)
  rspec (~> 3.0)
  rubocop (~> 0.80)

BUNDLED WITH
   2.2.3
